GIT
  remote: https://github.com/guilhermesad/rspotify
  revision: c4ff51c54303d6cf2fe167d9d5d1a7a0f6a90f1e
  specs:
    rspotify (1.26.0)
      omniauth-oauth2 (~> 1.3.1)
      rest-client (~> 2.0.2)

GIT
  remote: https://github.com/jacob-long/discogs
  revision: 1c76156a6542b91bc882d24303f61f8548b6cd76
  specs:
    discogs-wrapper (2.4.0)
      hashie (~> 3.0)
      httparty (~> 0.14)
      oauth (~> 0.5.1)

GIT
  remote: https://github.com/javichito/Lyricfy
  revision: 66c5c2a892ebdbd0adfd41c1e6a00cb79f778672
  specs:
    lyricfy (0.1.0)
      highline
      nokogiri (>= 1.3.3)

GEM
  remote: https://rubygems.org/
  specs:
    domain_name (0.5.20170404)
      unf (>= 0.0.5, < 1.0.0)
    faraday (0.12.2)
      multipart-post (>= 1.2, < 3)
    hashie (3.5.7)
    highline (1.7.10)
    http-cookie (1.0.3)
      domain_name (~> 0.5)
    httparty (0.15.6)
      multi_xml (>= 0.5.2)
    json (2.1.0)
    json_pure (2.1.0)
    jwt (1.5.6)
    mime-types (3.1)
      mime-types-data (~> 3.2015)
    mime-types-data (3.2016.0521)
    mini_portile2 (2.3.0)
    multi_json (1.13.1)
    multi_xml (0.6.0)
    multipart-post (2.0.0)
    netrc (0.11.0)
    nokogiri (1.8.2)
      mini_portile2 (~> 2.3.0)
    oauth (0.5.4)
    oauth2 (1.4.0)
      faraday (>= 0.8, < 0.13)
      jwt (~> 1.0)
      multi_json (~> 1.3)
      multi_xml (~> 0.5)
      rack (>= 1.2, < 3)
    omniauth (1.8.1)
      hashie (>= 3.4.6, < 3.6.0)
      rack (>= 1.6.2, < 3)
    omniauth-oauth2 (1.3.1)
      oauth2 (~> 1.0)
      omniauth (~> 1.2)
    rack (2.0.4)
    rest-client (2.0.2)
      http-cookie (>= 1.0.2, < 2.0)
      mime-types (>= 1.16, < 4.0)
      netrc (~> 0.8)
    ruby-progressbar (1.9.0)
    similar_text (0.0.4)
    simple-rss (1.3.1)
    sqlite3 (1.3.13)
    unf (0.1.4)
      unf_ext
    unf_ext (0.0.7.4)
    wannabe_bool (0.7.0)

PLATFORMS
  ruby

DEPENDENCIES
  discogs-wrapper!
  json
  json_pure
  lyricfy!
  nokogiri
  rspotify!
  ruby-progressbar
  similar_text
  simple-rss
  sqlite3
  wannabe_bool

BUNDLED WITH
   1.16.1
