GIT
  remote: https://github.com/guilhermesad/rspotify
  revision: d8ee83f81b1bfd358d0a883238a115cffc8f44b5
  specs:
    rspotify (1.14.0)
      omniauth-oauth2 (~> 1.1)
      rest-client (~> 1.7)

GIT
  remote: https://github.com/javichito/Lyricfy
  revision: faf83b940e754823d6f5a209316729b128d57574
  specs:
    lyricfy (0.1.0)
      highline
      nokogiri (>= 1.3.3)

GEM
  remote: https://rubygems.org/
  specs:
    builder (3.2.2)
    discid (1.0.0)
      ffi (>= 1.6.0)
    discogs-wrapper (2.1.1)
      hashie (~> 2.1)
      oauth (~> 0.4.7)
    domain_name (0.5.24)
      unf (>= 0.0.5, < 1.0.0)
    echowrap (0.1.4)
      faraday (~> 0.9)
      multi_json (~> 1.0)
      simple_oauth (~> 0.2)
    faraday (0.9.1)
      multipart-post (>= 1.2, < 3)
    ffi (1.9.10)
    fileutils (0.7)
      rmagick (>= 2.13.1)
    hashie (2.1.2)
    highline (1.7.2)
    http-cookie (1.0.2)
      domain_name (~> 0.5)
    httparty (0.11.0)
      multi_json (~> 1.0)
      multi_xml (>= 0.5.2)
    json (1.8.3)
    jwt (1.5.1)
    mime-types (2.6.1)
    mini_portile (0.6.2)
    multi_json (1.11.2)
    multi_xml (0.5.5)
    multipart-post (2.0.0)
    netrc (0.10.3)
    nokogiri (1.6.6.2)
      mini_portile (~> 0.6.0)
    nori (2.6.0)
    oauth (0.4.7)
    oauth2 (1.0.0)
      faraday (>= 0.8, < 0.10)
      jwt (~> 1.0)
      multi_json (~> 1.3)
      multi_xml (~> 0.5)
      rack (~> 1.2)
    omniauth (1.2.2)
      hashie (>= 1.2, < 4)
      rack (~> 1.0)
    omniauth-oauth2 (1.3.1)
      oauth2 (~> 1.0)
      omniauth (~> 1.2)
    rack (1.6.4)
    rapgenius (1.0.5)
      httparty (~> 0.11.0)
    rest-client (1.8.0)
      http-cookie (>= 1.0.2, < 2.0)
      mime-types (>= 1.16, < 3.0)
      netrc (~> 0.7)
    rmagick (2.15.2)
    similar_text (0.0.4)
    simple-rss (1.3.1)
    simple_oauth (0.3.1)
    sqlite3 (1.3.10)
    thor (0.19.1)
    under_fire (0.7.0)
      builder
      discid
      nokogiri
      nori
      thor
    unf (0.1.4)
      unf_ext
    unf_ext (0.0.7.1)

PLATFORMS
  ruby

DEPENDENCIES
  discogs-wrapper
  echowrap
  fileutils
  json
  lyricfy!
  nokogiri
  rapgenius (~> 1.0.5)
  rspotify!
  similar_text
  simple-rss
  sqlite3 (~> 1.3.9)
  under_fire

BUNDLED WITH
   1.10.5
